PATH
  remote: .
  specs:
    marcrel (0.0.1)
      rdf-vocab (>= 2.0)

GEM
  remote: https://rubygems.org/
  specs:
    concurrent-ruby (1.0.5)
    hamster (3.0.0)
      concurrent-ruby (~> 1.0)
    link_header (0.0.8)
    rdf (2.2.6)
      hamster (~> 3.0)
      link_header (~> 0.0, >= 0.0.8)
    rdf-vocab (2.2.2)
      rdf (~> 2.2)

PLATFORMS
  ruby

DEPENDENCIES
  marcrel!

BUNDLED WITH
   1.14.6
